GEM
  remote: http://rubygems.org/
  specs:
    addressable (2.2.4)
    bcrypt-ruby (2.1.2)
    builder (3.0.0)
    chronic (0.3.0)
    columnize (0.3.2)
    cucumber (0.6.0)
      builder (>= 2.1.2)
      diff-lcs (>= 1.1.2)
      json_pure (>= 1.2.0)
      polyglot (>= 0.2.9)
      term-ansicolor (>= 1.0.4)
      treetop (>= 1.4.2)
    data_objects (0.10.3)
      addressable (~> 2.1)
    diff-lcs (1.1.2)
    dm-aggregates (0.10.2)
      dm-core (~> 0.10.2)
    dm-core (0.10.2)
      addressable (~> 2.1)
      extlib (~> 0.9.14)
    dm-types (0.10.2)
      bcrypt-ruby (~> 2.1.2)
      dm-core (~> 0.10.2)
      fastercsv (~> 1.5.0)
      json_pure (~> 1.2.0)
      stringex (~> 1.1.0)
      uuidtools (~> 2.1.1)
    dm-validations (0.10.2)
      dm-core (~> 0.10.2)
    do_sqlite3 (0.10.3)
      data_objects (= 0.10.3)
    extlib (0.9.15)
    fastercsv (1.5.4)
    htmlentities (4.2.4)
    id3lib-ruby (0.6.0)
    json_pure (1.2.4)
    linecache (0.43)
    mocha (0.9.12)
    nokogiri (1.4.4)
    polyglot (0.3.1)
    rack (1.2.1)
    ruby-debug (0.10.4)
      columnize (>= 0.1)
      ruby-debug-base (~> 0.10.4.0)
    ruby-debug-base (0.10.4)
      linecache (>= 0.3)
    rubyzip (0.9.4)
    sinatra (1.2.0)
      rack (~> 1.1)
      tilt (< 2.0, >= 1.2.2)
    sqlite3 (1.3.3)
    sqlite3-ruby (1.3.3)
      sqlite3 (>= 1.3.3)
    stringex (1.1.0)
    term-ansicolor (1.0.5)
    tilt (1.2.2)
    treetop (1.4.9)
      polyglot (>= 0.3.1)
    uuidtools (2.1.2)

PLATFORMS
  ruby

DEPENDENCIES
  bcrypt-ruby (= 2.1.2)
  chronic
  cucumber (= 0.6)
  data_objects (~> 0.10.1)
  dm-aggregates (~> 0.10.2)
  dm-core (~> 0.10.2)
  dm-types (~> 0.10.2)
  dm-validations (~> 0.10.2)
  do_sqlite3 (~> 0.10.1)
  htmlentities
  id3lib-ruby
  mocha
  nokogiri
  ruby-debug
  rubyzip
  sinatra
  sqlite3-ruby
